PATH
  remote: .
  specs:
    source_ast (0.1.0)
      parser (~> 3.0)

GEM
  remote: https://oss:7AXfeZdAfCqL1PvHm2nvDJO6Zd9UW8IK@gem.mutant.dev/
  specs:
    mutant-license (0.1.1.2.1627430819213747598431630701693729869473.6)

GEM
  remote: https://rubygems.org/
  specs:
    ast (2.4.2)
    diff-lcs (1.5.0)
    minitest (5.20.0)
    mutant (0.11.22)
      diff-lcs (~> 1.3)
      parser (~> 3.2.2)
      regexp_parser (~> 2.6.1)
      sorbet-runtime (~> 0.5.0)
      unparser (~> 0.6.8)
    mutant-minitest (0.11.22)
      minitest (~> 5.11)
      mutant (= 0.11.22)
    parser (3.2.2.3)
      ast (~> 2.4.1)
      racc
    racc (1.7.1)
    rake (13.0.6)
    regexp_parser (2.6.2)
    sorbet-runtime (0.5.11032)
    unparser (0.6.8)
      diff-lcs (~> 1.3)
      parser (>= 3.2.0)

PLATFORMS
  arm64-darwin-22
  x86_64-linux

DEPENDENCIES
  minitest
  mutant
  mutant-license!
  mutant-minitest
  rake (~> 13.0)
  source_ast!

BUNDLED WITH
   2.4.19
